GEM
  remote: https://rubygems.org/
  specs:
    addressable (2.6.0)
      public_suffix (>= 2.0.2, < 4.0)
    adsf (1.4.2)
      rack (>= 1.0.0, < 3.0.0)
    adsf-live (1.4.2)
      adsf (~> 1.3)
      em-websocket (~> 0.5)
      eventmachine (~> 1.2)
      listen (~> 3.0)
      rack-livereload (~> 0.3)
    asciidoctor (2.0.9)
    colored (1.2)
    concurrent-ruby (1.1.5)
    cri (2.15.6)
    ddmemoize (1.0.0)
      ddmetrics (~> 1.0)
      ref (~> 2.0)
    ddmetrics (1.0.1)
    ddplugin (1.0.2)
    diff-lcs (1.3)
    em-websocket (0.5.1)
      eventmachine (>= 0.12.9)
      http_parser.rb (~> 0.6.0)
    equatable (0.5.0)
    eventmachine (1.2.7-x64-mingw32)
    ffi (1.11.1-x64-mingw32)
    hamster (3.0.0)
      concurrent-ruby (~> 1.0)
    http_parser.rb (0.6.0)
    json_schema (0.20.6)
    listen (3.1.5)
      rb-fsevent (~> 0.9, >= 0.9.4)
      rb-inotify (~> 0.9, >= 0.9.7)
      ruby_dep (~> 1.2)
    mini_portile2 (2.3.0)
    multi_json (1.13.1)
    nanoc (4.11.5)
      addressable (~> 2.5)
      colored (~> 1.2)
      cri (~> 2.15)
      nanoc-core (= 4.11.5)
      parallel (~> 1.12)
      tomlrb (~> 1.2)
      tty-command (~> 0.8)
      tty-file (~> 0.7)
      tty-platform (~> 0.2)
      tty-which (~> 0.4)
    nanoc-core (4.11.5)
      ddmemoize (~> 1.0)
      ddmetrics (~> 1.0)
      ddplugin (~> 1.0)
      hamster (~> 3.0)
      json_schema (~> 0.19)
      slow_enumerator_tools (~> 1.0)
      zeitwerk (~> 2.1)
    necromancer (0.4.0)
    nokogiri (1.8.5-x64-mingw32)
      mini_portile2 (~> 2.3.0)
    parallel (1.17.0)
    pastel (0.7.2)
      equatable (~> 0.5.0)
      tty-color (~> 0.4.0)
    public_suffix (3.1.0)
    pygments.rb (1.2.1)
      multi_json (>= 1.0.0)
    rack (2.0.7)
    rack-livereload (0.3.17)
      rack
    rake (12.3.2)
    rb-fsevent (0.10.3)
    rb-inotify (0.10.0)
      ffi (~> 1.0)
    ref (2.0.0)
    rouge (3.3.0)
    ruby_dep (1.5.0)
    slow_enumerator_tools (1.1.0)
    timers (4.3.0)
    tomlrb (1.2.8)
    tty-color (0.4.3)
    tty-command (0.8.2)
      pastel (~> 0.7.0)
    tty-cursor (0.6.1)
    tty-file (0.7.1)
      diff-lcs (~> 1.3)
      pastel (~> 0.7.2)
      tty-prompt (~> 0.18)
    tty-platform (0.2.0)
    tty-prompt (0.18.1)
      necromancer (~> 0.4.0)
      pastel (~> 0.7.0)
      timers (~> 4.0)
      tty-cursor (~> 0.6.0)
      tty-reader (~> 0.5.0)
    tty-reader (0.5.0)
      tty-cursor (~> 0.6.0)
      tty-screen (~> 0.6.4)
      wisper (~> 2.0.0)
    tty-screen (0.6.5)
    tty-which (0.4.0)
    wisper (2.0.0)
    zeitwerk (2.1.6)

PLATFORMS
  x64-mingw32

DEPENDENCIES
  adsf
  adsf-live
  asciidoctor
  nanoc (~> 4.11.5)
  nokogiri (~> 1)
  pygments.rb
  rake
  rouge

BUNDLED WITH
   2.0.1
